GEM
  remote: https://rubygems.org/
  specs:
    activesupport (6.1.6.1)
      concurrent-ruby (~> 1.0, >= 1.0.2)
      i18n (>= 1.6, < 2)
      minitest (>= 5.1)
      tzinfo (~> 2.0)
      zeitwerk (~> 2.3)
    addressable (2.8.1)
      public_suffix (>= 2.0.2, < 6.0)
    ast (2.4.2)
    autoprefixer-rails (10.2.5.0)
      execjs (< 2.8.0)
    backport (1.2.0)
    backports (3.23.0)
    benchmark (0.3.0)
    coffee-script (2.4.1)
      coffee-script-source
      execjs
    coffee-script-source (1.12.2)
    concurrent-ruby (1.2.0)
    contracts (0.16.1)
    diff-lcs (1.5.1)
    dotenv (2.8.1)
    e2mmap (0.1.0)
    erubis (2.7.0)
    execjs (2.7.0)
    fast_blank (1.0.1)
    fastimage (2.2.6)
    ffi (1.15.5)
    haml (5.2.2)
      temple (>= 0.8.0)
      tilt
    hamster (3.0.0)
      concurrent-ruby (~> 1.0)
    hashie (3.6.0)
    i18n (1.6.0)
      concurrent-ruby (~> 1.0)
    jaro_winkler (1.5.6)
    json (2.7.1)
    kramdown (2.4.0)
      rexml
    kramdown-parser-gfm (1.1.0)
      kramdown (~> 2.0)
    language_server-protocol (3.17.0.3)
    listen (3.8.0)
      rb-fsevent (~> 0.10, >= 0.10.3)
      rb-inotify (~> 0.9, >= 0.9.10)
    memoist (0.16.2)
    middleman (4.4.3)
      coffee-script (~> 2.2)
      haml (>= 4.0.5, < 6.0)
      kramdown (>= 2.3.0)
      middleman-cli (= 4.4.3)
      middleman-core (= 4.4.3)
    middleman-autoprefixer (3.0.0)
      autoprefixer-rails (~> 10.0)
      middleman-core (>= 4.0.0)
    middleman-cli (4.4.3)
      thor (>= 0.17.0, < 2.0)
    middleman-core (4.4.3)
      activesupport (>= 6.1, < 7.1)
      addressable (~> 2.4)
      backports (~> 3.6)
      bundler (~> 2.0)
      contracts (~> 0.13)
      dotenv
      erubis
      execjs (~> 2.0)
      fast_blank
      fastimage (~> 2.0)
      hamster (~> 3.0)
      hashie (~> 3.4)
      i18n (~> 1.6.0)
      listen (~> 3.0)
      memoist (~> 0.14)
      padrino-helpers (~> 0.15.0)
      parallel
      rack (>= 1.4.5, < 3)
      sassc (~> 2.0)
      servolux
      tilt (~> 2.0.9)
      toml
      uglifier (~> 3.0)
      webrick
    middleman-sprockets (4.1.1)
      middleman-core (~> 4.0)
      sprockets (>= 3.0)
    middleman-syntax (3.3.0)
      middleman-core (>= 3.2)
      rouge (~> 3.2)
    minitest (5.17.0)
    nio4r (2.7.0)
    nokogiri (1.13.9-x86_64-darwin)
      racc (~> 1.4)
    nokogiri (1.13.9-x86_64-linux)
      racc (~> 1.4)
    padrino-helpers (0.15.2)
      i18n (>= 0.6.7, < 2)
      padrino-support (= 0.15.2)
      tilt (>= 1.4.1, < 3)
    padrino-support (0.15.2)
    parallel (1.22.1)
    parser (3.3.0.5)
      ast (~> 2.4.1)
      racc
    parslet (2.0.0)
    public_suffix (5.0.1)
    puma (6.4.2)
      nio4r (~> 2.0)
    racc (1.6.0)
    rack (2.2.6.2)
    rainbow (3.1.1)
    rb-fsevent (0.11.2)
    rb-inotify (0.10.1)
      ffi (~> 1.0)
    rbs (2.8.4)
    redcarpet (3.6.0)
    regexp_parser (2.9.0)
    reverse_markdown (2.1.1)
      nokogiri
    rexml (3.2.5)
    rouge (3.30.0)
    rubocop (1.60.2)
      json (~> 2.3)
      language_server-protocol (>= 3.17.0)
      parallel (~> 1.10)
      parser (>= 3.3.0.2)
      rainbow (>= 2.2.2, < 4.0)
      regexp_parser (>= 1.8, < 3.0)
      rexml (>= 3.2.5, < 4.0)
      rubocop-ast (>= 1.30.0, < 2.0)
      ruby-progressbar (~> 1.7)
      unicode-display_width (>= 2.4.0, < 3.0)
    rubocop-ast (1.30.0)
      parser (>= 3.2.1.0)
    ruby-progressbar (1.13.0)
    sass (3.7.4)
      sass-listen (~> 4.0.0)
    sass-listen (4.0.0)
      rb-fsevent (~> 0.9, >= 0.9.4)
      rb-inotify (~> 0.9, >= 0.9.7)
    sassc (2.4.0)
      ffi (~> 1.9)
    servolux (0.13.0)
    solargraph (0.50.0)
      backport (~> 1.2)
      benchmark
      bundler (~> 2.0)
      diff-lcs (~> 1.4)
      e2mmap
      jaro_winkler (~> 1.5)
      kramdown (~> 2.3)
      kramdown-parser-gfm (~> 1.1)
      parser (~> 3.0)
      rbs (~> 2.0)
      reverse_markdown (~> 2.0)
      rubocop (~> 1.38)
      thor (~> 1.0)
      tilt (~> 2.0)
      yard (~> 0.9, >= 0.9.24)
    sprockets (3.7.2)
      concurrent-ruby (~> 1.0)
      rack (> 1, < 3)
    temple (0.10.0)
    thor (1.2.1)
    tilt (2.0.11)
    toml (0.3.0)
      parslet (>= 1.8.0, < 3.0.0)
    tzinfo (2.0.6)
      concurrent-ruby (~> 1.0)
    uglifier (3.2.0)
      execjs (>= 0.3.0, < 3)
    unicode-display_width (2.5.0)
    webrick (1.8.1)
    yard (0.9.34)
    zeitwerk (2.6.0)

PLATFORMS
  x86_64-darwin-21
  x86_64-linux

DEPENDENCIES
  dotenv
  middleman (~> 4.4)
  middleman-autoprefixer (~> 3.0)
  middleman-sprockets (~> 4.1)
  middleman-syntax (~> 3.2)
  nokogiri (~> 1.13.3)
  puma
  redcarpet (~> 3.6.0)
  rouge (~> 3.21)
  sass
  solargraph

RUBY VERSION
   ruby 3.1.4p223

BUNDLED WITH
   2.4.22
